GEM
  remote: https://rubygems.org/
  specs:
    chronic (0.10.2)
    mail (2.6.3)
      mime-types (>= 1.16, < 3)
    mime-types (2.4.3)
    rack (1.6.0)
    rack-protection (1.5.3)
      rack
    sinatra (1.4.6)
      rack (~> 1.4)
      rack-protection (~> 1.4)
      tilt (>= 1.3, < 3)
    tilt (2.0.1)
    whenever (0.9.4)
      chronic (>= 0.6.3)
    wiringpi2 (2.0.1)

PLATFORMS
  ruby

DEPENDENCIES
  mail (~> 2.6.3)
  sinatra (~> 1.4.6)
  tilt (~> 2.0.1)
  whenever
  wiringpi2 (~> 2.0.1)

RUBY VERSION
   ruby 1.9.3p194

BUNDLED WITH
   1.16.0
